GEM
  remote: https://rubygems.org/
  specs:
    addressable (2.4.0)
    albino (1.3.3)
      posix-spawn (>= 0.3.6)
    colorator (0.1)
    ffi (1.9.10)
    ffi (1.9.10-x86-mingw32)
    font-awesome-sass (4.5.0)
      sass (>= 3.2)
    jekyll (3.1.2)
      colorator (~> 0.1)
      jekyll-sass-converter (~> 1.0)
      jekyll-watch (~> 1.1)
      kramdown (~> 1.3)
      liquid (~> 3.0)
      mercenary (~> 0.3.3)
      rouge (~> 1.7)
      safe_yaml (~> 1.0)
    jekyll-paginate (1.1.0)
    jekyll-paginate-category (0.1.0)
    jekyll-sass-converter (1.4.0)
      sass (~> 3.4)
    jekyll-sitemap (0.11.0)
      addressable (~> 2.4.0)
    jekyll-watch (1.3.1)
      listen (~> 3.0)
    kramdown (1.10.0)
    liquid (3.0.6)
    listen (3.0.6)
      rb-fsevent (>= 0.9.3)
      rb-inotify (>= 0.9.7)
    mercenary (0.3.5)
    mini_portile2 (2.0.0)
    nokogiri (1.6.7.2)
      mini_portile2 (~> 2.0.0.rc2)
    nokogiri (1.6.7.2-x86-mingw32)
      mini_portile2 (~> 2.0.0.rc2)
    posix-spawn (0.3.11)
    rb-fsevent (0.9.7)
    rb-inotify (0.9.7)
      ffi (>= 0.5.0)
    redcarpet (2.3.0)
    rouge (1.10.1)
    safe_yaml (1.0.4)
    sass (3.4.21)

PLATFORMS
  ruby
  x86-mingw32

DEPENDENCIES
  albino (~> 1.3)
  font-awesome-sass
  jekyll
  jekyll-paginate
  jekyll-paginate-category
  jekyll-sitemap
  nokogiri
  redcarpet (~> 2.3)
  sass

BUNDLED WITH
   1.12.5
